RESTRICTION: == net46
NUGET
  remote: https://www.nuget.org/api/v2
    Chessie (0.6)
      FSharp.Core
    FSharp.Core (4.0.0.1) - redirects: force
    Mono.Cecil (0.10.0-beta5)
    Nett (0.5)
    Newtonsoft.Json (10.0.2)
    Paket.Core (4.4)
      Chessie (>= 0.6)
      FSharp.Core
      Mono.Cecil (>= 0.10.0-beta4)
      Newtonsoft.Json
GIT
  remote: https://github.com/fsharp-editing/Forge.git
     (4c080a569ef36f4649c18b5b64dbee4c995fc2b7)
      build: build.cmd BuildProjectSystem
      os: Windows
     (4c080a569ef36f4649c18b5b64dbee4c995fc2b7)
      build: build.sh BuildProjectSystem
      os: mono
GROUP Build
RESTRICTION: == net46
NUGET
  remote: https://www.nuget.org/api/v2
    FAKE (4.58.6)
    FSharp.Compiler.Service (2.0.0.6)
    FSharp.Formatting (2.14.4)
      FSharp.Compiler.Service (2.0.0.6)
      FSharpVSPowerTools.Core (>= 2.3 < 2.4)
    FSharpVSPowerTools.Core (2.3)
      FSharp.Compiler.Service (>= 2.0.0.3)
    Octokit (0.24)
    SourceLink.Fake (1.1)
GITHUB
  remote: fsharp/FAKE
    modules/Octokit/Octokit.fsx (dad2dec00064233e9742b458d96fe64708f3be8a)
      Octokit (>= 0.20)
GROUP Test
RESTRICTION: == net46
NUGET
  remote: https://www.nuget.org/api/v2
    Argu (3.7)
    Expecto (4.1.1)
      Argu (>= 3.7)
      FSharp.Core (>= 3.1.2.5)
      Mono.Cecil (>= 0.9.6.4)
    FSharp.Core (4.0.0.1) - redirects: force
    Mono.Cecil (0.9.6.4)
